GEM
  remote: http://rubygems.org/
  specs:
    diff-lcs (1.1.2)
    rack (1.2.1)
    rack-test (0.5.7)
      rack (>= 1.0)
    rspec (2.4.0)
      rspec-core (~> 2.4.0)
      rspec-expectations (~> 2.4.0)
      rspec-mocks (~> 2.4.0)
    rspec-core (2.4.0)
    rspec-expectations (2.4.0)
      diff-lcs (~> 1.1.2)
    rspec-mocks (2.4.0)
    sinatra (1.1.0)
      rack (~> 1.1)
      tilt (~> 1.1)
    tilt (1.1)
    timecop (0.3.5)

PLATFORMS
  ruby

DEPENDENCIES
  rack-test (~> 0.5)
  rspec (~> 2.4)
  sinatra (~> 1.1)
  timecop (~> 0.3)
